GEM
  remote: http://rubygems.org/
  specs:
    plist (3.1.0)
    rake (0.9.2.2)

PLATFORMS
  ruby

DEPENDENCIES
  plist
  rake
